GEM
  remote: http://rubygems.org/
  specs:
    RedCloth (4.2.7)
    haml (3.1.1)
    i18n (0.6.0)
    mail (2.3.0)
      i18n (>= 0.4.0)
      mime-types (~> 1.16)
      treetop (~> 1.4.8)
    maruku (0.6.0)
      syntax (>= 1.0.0)
    mime-types (1.16)
    nesta (0.9.4)
      RedCloth (~> 4.2)
      haml (~> 3.0)
      maruku (>= 0.6.0)
      shotgun (>= 0.8)
      sinatra (= 1.1.2)
    polyglot (0.3.1)
    pony (1.2)
      mail (> 2.0)
    rack (1.3.0)
    sass (3.1.2)
    shotgun (0.9)
      rack (>= 1.0)
    sinatra (1.1.2)
      rack (~> 1.1)
      tilt (~> 1.2)
    syntax (1.0.0)
    tilt (1.3.2)
    treetop (1.4.9)
      polyglot (>= 0.3.1)

PLATFORMS
  ruby

DEPENDENCIES
  haml
  nesta (= 0.9.4)
  pony (>= 1.1)
  sass
