GEM
  remote: http://rubygems.org/
  specs:
    RedCloth (4.2.9)
    haml (4.0.5)
      tilt
    nesta (0.10.0)
      RedCloth (~> 4.2)
      haml (>= 3.1)
      rack (>= 1.3)
      rdiscount (~> 2.1)
      sass (>= 3.1)
      sinatra (~> 1.4)
    rack (1.5.2)
    rack-protection (1.5.3)
      rack
    rdiscount (2.1.7.1)
    sass (3.4.5)
    shotgun (0.9.1)
      rack (>= 1.0)
    sinatra (1.4.5)
      rack (~> 1.4)
      rack-protection (~> 1.4)
      tilt (~> 1.3, >= 1.3.4)
    tilt (1.4.1)

PLATFORMS
  ruby

DEPENDENCIES
  haml
  nesta
  sass
  shotgun
