GEM
  remote: http://rubygems.org/
  specs:
    RedCloth (4.2.8)
    haml (3.1.3)
    i18n (0.6.0)
    mail (2.3.0)
      i18n (>= 0.4.0)
      mime-types (~> 1.16)
      treetop (~> 1.4.8)
    mime-types (1.16)
    nesta (0.9.11)
      RedCloth (~> 4.2)
      haml (~> 3.1)
      rdiscount (~> 1.6)
      sass (~> 3.1)
      shotgun (>= 0.8)
      sinatra (= 1.2.6)
    polyglot (0.3.2)
    pony (1.3)
      mail (> 2.0)
    powder (0.1.6)
      thor (>= 0.11.5)
    rack (1.3.4)
    rdiscount (1.6.8)
    sass (3.1.8)
    shotgun (0.9)
      rack (>= 1.0)
    sinatra (1.2.6)
      rack (~> 1.1)
      tilt (>= 1.2.2, < 2.0)
    thor (0.14.6)
    tilt (1.3.3)
    treetop (1.4.10)
      polyglot
      polyglot (>= 0.3.1)

PLATFORMS
  ruby

DEPENDENCIES
  haml
  nesta (= 0.9.11)
  pony (>= 1.1)
  powder
  sass
